STORAGE: NONE
RESTRICTION: || (== net472) (== net6.0-windows7.0)
NUGET
  remote: https://api.nuget.org/v3/index.json
    ExcelDna.AddIn (1.6.0-rc1)
      ExcelDna.Integration (1.6.0-rc1)
    ExcelDna.Integration (1.6.0-rc1)
    ExcelDna.IntelliSense (1.6.0-rc1)
      ExcelDna.Integration (1.6.0-rc1)
    FSharp.Core (6.0.5)
    FsToolkit.ErrorHandling (2.13)
      FSharp.Core (>= 4.7.2)
    FsUnit (5.0)
      FSharp.Core (>= 5.0.2)
      NETStandard.Library (>= 2.0.3)
      NUnit (>= 3.13.3 < 3.14)
    Microsoft.CodeCoverage (17.2)
    Microsoft.NET.Test.Sdk (17.2)
      Microsoft.CodeCoverage (>= 17.2)
      Microsoft.TestPlatform.TestHost (>= 17.2) - restriction: || (&& (== net472) (>= netcoreapp1.0)) (== net6.0-windows7.0)
    Microsoft.NETCore.Platforms (6.0.1)
    Microsoft.TestPlatform.ObjectModel (17.2) - restriction: || (&& (== net472) (>= netcoreapp1.0)) (== net6.0-windows7.0)
      NuGet.Frameworks (>= 5.11)
      System.Reflection.Metadata (>= 1.6)
    Microsoft.TestPlatform.TestHost (17.2) - restriction: || (&& (== net472) (>= netcoreapp1.0)) (== net6.0-windows7.0)
      Microsoft.TestPlatform.ObjectModel (>= 17.2) - restriction: || (&& (== net472) (>= netcoreapp1.0)) (&& (== net472) (>= uap10.0)) (== net6.0-windows7.0)
      Newtonsoft.Json (>= 9.0.1) - restriction: || (&& (== net472) (>= netcoreapp1.0)) (&& (== net472) (>= uap10.0)) (== net6.0-windows7.0)
    NETStandard.Library (2.0.3)
      Microsoft.NETCore.Platforms (>= 1.1)
    Newtonsoft.Json (13.0.1) - restriction: || (&& (== net472) (>= netcoreapp1.0)) (== net6.0-windows7.0)
    NuGet.Frameworks (6.1) - restriction: || (&& (== net472) (>= netcoreapp1.0)) (&& (== net472) (>= netcoreapp2.1)) (== net6.0-windows7.0)
    NUnit (3.13.3)
      NETStandard.Library (>= 2.0) - restriction: || (&& (== net472) (< net35)) (== net6.0-windows7.0)
    NUnit3TestAdapter (4.2.1)
    System.Collections.Immutable (6.0) - restriction: || (&& (== net472) (>= netcoreapp1.0)) (&& (== net472) (>= netcoreapp2.1)) (== net6.0-windows7.0)
      System.Runtime.CompilerServices.Unsafe (>= 6.0)
    System.Reflection.Emit.Lightweight (4.7) - restriction: || (== net472) (&& (== net6.0-windows7.0) (< netcoreapp3.1))
    System.Reflection.Metadata (6.0) - restriction: || (&& (== net472) (>= netcoreapp1.0)) (&& (== net472) (>= netcoreapp2.1)) (== net6.0-windows7.0)
      System.Collections.Immutable (>= 6.0)
    System.Runtime.CompilerServices.Unsafe (6.0) - restriction: || (&& (== net472) (>= netcoreapp1.0)) (&& (== net472) (>= netcoreapp2.1)) (== net6.0-windows7.0)
    TypeShape (10.0)
      FSharp.Core (>= 4.5.4)
      System.Reflection.Emit.Lightweight (>= 4.7) - restriction: || (== net472) (&& (== net6.0-windows7.0) (< netcoreapp3.1))
