STORAGE: NONE
RESTRICTION: == net461
NUGET
  remote: https://api.nuget.org/v3/index.json
    ExcelDna.AddIn (1.5)
      ExcelDna.Integration (1.5)
    ExcelDna.Integration (1.5)
    ExcelDna.IntelliSense (1.5)
      ExcelDna.Integration (1.5)
    FSharp.Core (5.0.2)
    FsToolkit.ErrorHandling (2.7)
    FsUnit (4.0.5)
    Microsoft.CodeCoverage (16.10)
    Microsoft.NET.Test.Sdk (16.10)
      Microsoft.CodeCoverage (>= 16.10)
    NUnit (3.13.2)
    NUnit3TestAdapter (4.0)
    TypeShape (9.0)
